PATH
  remote: .
  specs:
    phoney (0.1.0)

GEM
  remote: http://rubygems.org/
  specs:
    git (1.2.5)
    jeweler (1.6.4)
      bundler (~> 1.0)
      git (>= 1.2.5)
      rake
    rake (0.9.2.2)
    rspec (1.3.0)

PLATFORMS
  ruby

DEPENDENCIES
  jeweler
  phoney!
  rake
  rspec (= 1.3.0)
